GEM
  remote: http://rubygems.org/
  specs:
    activerecord (2.3.9)
      activesupport (= 2.3.9)
    activesupport (2.3.9)
    git (1.2.5)
    jeweler (1.5.1)
      bundler (~> 1.0.0)
      git (>= 1.2.5)
      rake
    json (1.4.6)
    mocha (0.9.8)
      rake
    rack (1.2.1)
    rack-test (0.5.6)
      rack (>= 1.0)
    rake (0.8.7)
    rcov (0.9.9)
    shoulda (2.11.3)
    sinatra (1.1.0)
      rack (~> 1.1)
      tilt (~> 1.1)
    tilt (1.1)

PLATFORMS
  ruby

DEPENDENCIES
  activerecord (= 2.3.9)
  activesupport (= 2.3.9)
  bundler (~> 1.0.0)
  jeweler (~> 1.5.1)
  json
  mocha
  rack-test
  rcov
  shoulda
  sinatra
