GEM
  remote: http://rubygems.org/
  specs:
    activesupport (2.3.9)
    json (1.4.6)
    rack (1.2.1)
    sinatra (1.1.0)
      rack (~> 1.1)
      tilt (~> 1.1)
    tilt (1.1)

PLATFORMS
  ruby

DEPENDENCIES
  activesupport (= 2.3.9)
  json
  sinatra

METADATA
  version: 1.0.6
